GIT
  remote: git://github.com/sinatra/sinatra.git
  revision: 79c5e311d1686b434e719e4804869c1de118b056
  specs:
    sinatra (1.4.5)
      rack (~> 1.4)
      rack-protection (~> 1.4)
      tilt (>= 1.3, < 3)

GEM
  remote: https://rubygems.org/
  specs:
    coffee-script (2.3.0)
      coffee-script-source
      execjs
    coffee-script-source (1.7.1)
    daemons (1.1.9)
    eventmachine (1.0.3)
    execjs (2.2.1)
    github-markup (1.3.3)
    r18n-core (1.1.11)
    rack (1.5.2)
    rack-protection (1.5.3)
      rack
    redcarpet (3.0.0)
    sass (3.4.0)
    sinatra-partial (0.4.0)
      sinatra
    sinatra-r18n (1.1.11)
      r18n-core (= 1.1.11)
      sinatra (>= 1.3)
    thin (1.6.2)
      daemons (>= 1.0.9)
      eventmachine (>= 1.0.0)
      rack (>= 1.0.0)
    tilt (2.0.1)

PLATFORMS
  ruby

DEPENDENCIES
  coffee-script
  github-markup
  redcarpet
  sass
  sinatra!
  sinatra-partial
  sinatra-r18n
  thin
